GEM
  remote: https://rubygems.org/
  specs:
    backports (3.6.7)
    daemons (1.2.3)
    eventmachine (1.0.8)
    ffi (1.9.10)
    json (1.8.3)
    listen (3.0.5)
      rb-fsevent (>= 0.9.3)
      rb-inotify (>= 0.9)
    multi_json (1.11.2)
    pg (0.18.4)
    rack (1.6.4)
    rack-protection (1.5.3)
      rack
    rack-test (0.6.3)
      rack (>= 1.0)
    rb-fsevent (0.9.6)
    rb-inotify (0.9.5)
      ffi (>= 0.5.0)
    redcarpet (3.3.3)
    rerun (0.11.0)
      listen (~> 3.0)
    sequel (4.28.0)
    sinatra (1.4.6)
      rack (~> 1.4)
      rack-protection (~> 1.4)
      tilt (>= 1.3, < 3)
    sinatra-contrib (1.4.6)
      backports (>= 2.0)
      multi_json
      rack-protection
      rack-test
      sinatra (~> 1.4.0)
      tilt (>= 1.3, < 3)
    sinatra-namespace (1.0)
      sinatra-contrib
    thin (1.6.4)
      daemons (~> 1.0, >= 1.0.9)
      eventmachine (~> 1.0, >= 1.0.4)
      rack (~> 1.0)
    tilt (2.0.1)

PLATFORMS
  ruby

DEPENDENCIES
  json
  pg
  redcarpet
  rerun
  sequel
  sinatra
  sinatra-namespace
  thin

BUNDLED WITH
   1.10.6
